GEM
  remote: http://rubygems.org/
  specs:
    RedCloth (4.2.9)
    json (1.7.5)
    mysql2 (0.3.11)
    rack (1.4.1)
    rack-protection (1.2.0)
      rack
    sequel (3.38.0)
    sinatra (1.3.3)
      rack (~> 1.3, >= 1.3.6)
      rack-protection (~> 1.2)
      tilt (~> 1.3, >= 1.3.3)
    tilt (1.3.3)

PLATFORMS
  ruby

DEPENDENCIES
  RedCloth
  json
  mysql2
  sequel
  sinatra
